GEM
  remote: https://rubygems.org/
  specs:
    midi-smtp-server (3.0.3)
    net-protocol (0.1.3)
      timeout
    net-smtp (0.3.3)
      net-protocol
    openssl (3.0.1)
    timeout (0.3.0)

PLATFORMS
  x86_64-linux

DEPENDENCIES
  midi-smtp-server (~> 3.0.1)
  net-smtp
  openssl

BUNDLED WITH
   2.3.22
